GEM
  remote: http://rubygems.org/
  specs:
    abstract (1.0.0)
    actionmailer (3.0.0.rc2)
      actionpack (= 3.0.0.rc2)
      mail (~> 2.2.5)
    actionpack (3.0.0.rc2)
      activemodel (= 3.0.0.rc2)
      activesupport (= 3.0.0.rc2)
      builder (~> 2.1.2)
      erubis (~> 2.6.6)
      i18n (~> 0.4.1)
      rack (~> 1.2.1)
      rack-mount (~> 0.6.12)
      rack-test (~> 0.5.4)
      tzinfo (~> 0.3.23)
    activemodel (3.0.0.rc2)
      activesupport (= 3.0.0.rc2)
      builder (~> 2.1.2)
      i18n (~> 0.4.1)
    activerecord (3.0.0.rc2)
      activemodel (= 3.0.0.rc2)
      activesupport (= 3.0.0.rc2)
      arel (~> 1.0.0.rc1)
      tzinfo (~> 0.3.23)
    activeresource (3.0.0.rc2)
      activemodel (= 3.0.0.rc2)
      activesupport (= 3.0.0.rc2)
    activesupport (3.0.0.rc2)
    ancestry (1.2.0)
      activerecord (>= 2.1.0)
    arel (1.0.0.rc1)
      activesupport (>= 3.0.0.beta)
    builder (2.1.2)
    chronic (0.2.3)
      hoe (>= 1.2.1)
    daemons (1.1.0)
    erubis (2.6.6)
      abstract (>= 1.0.0)
    exceptional (2.0.25)
    graticule (0.2.12)
      activesupport
    haml (3.0.17)
    happymapper (0.3.2)
      libxml-ruby (~> 1.1.3)
    hoe (2.6.1)
      rake (>= 0.8.7)
      rubyforge (>= 2.0.4)
    i18n (0.4.1)
    imagesize (0.1.1)
    json_pure (1.4.6)
    libxml-ruby (1.1.4)
    mail (2.2.5)
      activesupport (>= 2.3.6)
      mime-types
      treetop (>= 1.4.5)
    mime-types (1.16)
    nokogiri (1.4.3.1)
    polyglot (0.3.1)
    rack (1.2.1)
    rack-mount (0.6.12)
      rack (>= 1.0.0)
    rack-test (0.5.4)
      rack (>= 1.0)
    rails (3.0.0.rc2)
      actionmailer (= 3.0.0.rc2)
      actionpack (= 3.0.0.rc2)
      activerecord (= 3.0.0.rc2)
      activeresource (= 3.0.0.rc2)
      activesupport (= 3.0.0.rc2)
      bundler (>= 1.0.0.rc.6)
      railties (= 3.0.0.rc2)
    railties (3.0.0.rc2)
      actionpack (= 3.0.0.rc2)
      activesupport (= 3.0.0.rc2)
      rake (>= 0.8.3)
      thor (~> 0.14.0)
    rake (0.8.7)
    rmagick (2.13.1)
    rubigen (1.5.2)
      activesupport (>= 2.2.2)
    rubyforge (2.0.4)
      json_pure (>= 1.1.7)
    skynet (0.9.3)
      daemons (>= 1)
      rubigen (>= 1.1.1)
    sqlite3-ruby (1.3.1)
    thor (0.14.0)
    treetop (1.4.8)
      polyglot (>= 0.3.1)
    tzinfo (0.3.23)

PLATFORMS
  ruby

DEPENDENCIES
  ancestry
  chronic
  exceptional (>= 2.0.0)
  graticule
  haml (>= 3.0.4)
  happymapper
  imagesize
  nokogiri
  rails (= 3.0.0.rc2)
  rmagick (>= 2.0.0)
  skynet
  sqlite3-ruby
